GEM
  remote: https://rubygems.org/
  specs:
    activemodel (7.1.3.2)
      activesupport (= 7.1.3.2)
    activesupport (7.1.3.2)
      base64
      bigdecimal
      concurrent-ruby (~> 1.0, >= 1.0.2)
      connection_pool (>= 2.2.5)
      drb
      i18n (>= 1.6, < 2)
      minitest (>= 5.1)
      mutex_m
      tzinfo (~> 2.0)
    base64 (0.2.0)
    bigdecimal (3.1.8)
    builder (3.2.4)
    concurrent-ruby (1.2.3)
    connection_pool (2.4.1)
    deep_merge (1.2.2)
    diff-lcs (1.5.1)
    drb (2.2.1)
    facter (4.7.0)
      hocon (~> 1.3)
      thor (>= 1.0.1, < 1.3)
    faraday (2.9.0)
      faraday-net_http (>= 2.0, < 3.2)
    faraday-follow_redirects (0.3.0)
      faraday (>= 1, < 3)
    faraday-net_http (3.1.0)
      net-http
    fast_gettext (2.3.0)
    getoptlong (0.2.1)
    her (1.1.1)
      activemodel (>= 4.2.1)
      faraday (>= 0.8)
      multi_json (~> 1.7)
    hiera (3.12.0)
    hiera-eyaml (4.1.0)
      highline (~> 2.1)
      optimist (~> 3.1)
    hiera-eyaml-gpg (0.7.4)
      hiera-eyaml (>= 1.3.8)
    hiera-puppet-helper (1.0.1)
    highline (2.1.0)
    hocon (1.4.0)
    i18n (1.14.5)
      concurrent-ruby (~> 1.0)
    json_pure (2.7.2)
    librarian-puppet (5.0.0)
      librarianp (>= 0.6.3)
      puppet_forge (>= 2.1, < 5)
      rsync
    librarianp (1.1.2)
      thor (~> 1.0)
    locale (2.1.4)
    metaclass (0.0.4)
    minitar (0.9)
    minitest (5.22.3)
    mocha (2.2.0)
      ruby2_keywords (>= 0.0.5)
    multi_json (1.15.0)
    multipart-post (2.4.1)
    mutex_m (0.2.0)
    net-http (0.4.1)
      uri
    optimist (3.1.0)
    puppet (7.30.0)
      concurrent-ruby (~> 1.0)
      deep_merge (~> 1.0)
      facter (> 2.0.1, < 5)
      fast_gettext (>= 1.1, < 3)
      hiera (>= 3.2.1, < 4)
      locale (~> 2.1)
      multi_json (~> 1.10)
      puppet-resource_api (~> 1.5)
      scanf (~> 1.0)
      semantic_puppet (~> 1.0)
    puppet-resource_api (1.9.0)
      hocon (>= 1.0)
    puppet-syntax (3.3.0)
      puppet (>= 5)
      rake
    puppet_forge (4.1.0)
      faraday (~> 2.0)
      faraday-follow_redirects (~> 0.3.0)
      minitar
      semantic_puppet (~> 1.0)
    puppetserver-ca (2.7.0)
      facter (>= 2.0.1, < 5)
    racc (1.7.3)
    rack (3.0.11)
    rake (13.2.1)
    rsync (1.0.9)
    ruby2_keywords (0.0.5)
    ruby_gpg (0.3.2)
    scanf (1.0.0)
    semantic_puppet (1.1.0)
    statsd-ruby (1.5.0)
    syslog (0.1.2)
    thor (1.2.2)
    thread_safe (0.3.6)
    tzinfo (2.0.6)
      concurrent-ruby (~> 1.0)
    uri (0.13.0)

PLATFORMS
  aarch64-linux
  ruby

DEPENDENCIES
  activemodel (= 7.1.3.2)
  activesupport (= 7.1.3.2)
  builder (= 3.2.4)
  bundler (= 2.5.10)
  deep_merge (= 1.2.2)
  diff-lcs (= 1.5.1)
  facter (= 4.7.0)
  faraday (= 2.9.0)
  fast_gettext (= 2.3.0)
  getoptlong (= 0.2.1)
  her (= 1.1.1)
  hiera (= 3.12.0)
  hiera-eyaml (= 4.1.0)
  hiera-eyaml-gpg (= 0.7.4)
  hiera-puppet-helper (= 1.0.1)
  highline (= 2.1)
  i18n (= 1.14.5)
  json_pure (= 2.7.2)
  librarian-puppet (= 5.0.0)
  librarianp (= 1.1.2)
  metaclass (= 0.0.4)
  minitest (= 5.22.3)
  mocha (= 2.2.0)
  multi_json (= 1.15.0)
  multipart-post (= 2.4.1)
  puppet (= 7.30.0)
  puppet-syntax (= 3.3.0)
  puppet_forge (= 4.1.0)
  puppetserver-ca (= 2.7.0)
  racc (= 1.7.3)
  rack (= 3.0.11)
  rake (= 13.2.1)
  rsync (= 1.0.9)
  ruby_gpg (= 0.3.2)
  semantic_puppet (= 1.1.0)
  statsd-ruby (= 1.5.0)
  syslog (= 0.1.2)
  thor (= 1.2.2)
  thread_safe (= 0.3.6)
  tzinfo (= 2.0.6)

BUNDLED WITH
   2.5.10
